NUGET
  remote: https://www.nuget.org/api/v2
    CommandLineParser20 (2.0)
    FAKE (5.8.4)
    log4net (2.0.3)
    Microsoft.Web.Xdt (3.0)
    Mono.Cecil (0.9.5.4)
    morelinq (1.1)
    NuGet.CommandLine (4.9.4)
    NuGet.Core (2.14)
      Microsoft.Web.Xdt (>= 2.1)
    NUnit (2.6.3)
    NUnit.Console (3.10)
      NUnit.ConsoleRunner (>= 3.10)
      NUnit.Extension.NUnitProjectLoader (>= 3.6)
      NUnit.Extension.NUnitV2Driver (>= 3.7)
      NUnit.Extension.NUnitV2ResultWriter (>= 3.6)
      NUnit.Extension.TeamCityEventListener (>= 1.0.6)
      NUnit.Extension.VSProjectLoader (>= 3.8)
    NUnit.ConsoleRunner (3.10)
    NUnit.Extension.NUnitProjectLoader (3.6)
    NUnit.Extension.NUnitV2Driver (3.7)
    NUnit.Extension.NUnitV2ResultWriter (3.6)
    NUnit.Extension.TeamCityEventListener (1.0.6)
    NUnit.Extension.VSProjectLoader (3.8)
    NUnit.Runners (3.10)
      NUnit.Console (>= 3.10)
    Roslyn.Compilers.Common (1.2.20906.2)
    Roslyn.Compilers.CSharp (1.2.20906.2)
      Roslyn.Compilers.Common (>= 1.2.20906.2)
    Roslyn.Services.Common (1.2.20906.2)
      Roslyn.Compilers.Common (>= 1.2.20906.2)
    Roslyn.Services.CSharp (1.2.20906.2)
      Roslyn.Compilers.CSharp (>= 1.2.20906.2)
      Roslyn.Services.Common (>= 1.2.20906.2)
    SLNTools.Core (1.1.2.1)
