NUGET
  specs:
    CommandLineParser20 (2.0.0.0)
    FAKE (3.9.9)
    log4net (2.0.3)
    Microsoft.Web.Xdt (2.1.1)
    Mono.Cecil (0.9.5.4)
    morelinq (1.1.0)
    NuGet.CommandLine (2.8.3)
    Nuget.Core (2.8.3)
      Microsoft.Web.Xdt (>= 2.1.0)
    NUnit (2.6.3)
    NUnit.Runners (2.6.3)
    Roslyn.Compilers.Common (1.2.20906.2)
    Roslyn.Compilers.CSharp (1.2.20906.2)
      Roslyn.Compilers.Common (>= 1.2.20906.2)
    Roslyn.Services.Common (1.2.20906.2)
      Roslyn.Compilers.Common (>= 1.2.20906.2)
    Roslyn.Services.CSharp (1.2.20906.2)
      Roslyn.Compilers.CSharp (>= 1.2.20906.2)
      Roslyn.Services.Common (>= 1.2.20906.2)
    SLNTools.Core (1.1.2.1)
